GIT
  remote: https://github.com/jmromer/shoulda-matchers
  revision: 8c183b449d2e8aa5fb4a9336865f2fd842116fe3
  branch: fix-in-nomethod
  specs:
    shoulda-matchers (4.3.0)
      activesupport (>= 4.2.0)

GIT
  remote: https://github.com/plribeiro3000/jazz_fingers
  revision: 973e48392533b60745af414dfe9fd56e6da0aea6
  specs:
    jazz_fingers (5.2.0)
      awesome_print (~> 1.6)
      pry (~> 0.10)
      pry-byebug (~> 3.4)
      pry-coolline (~> 0.2)

GEM
  remote: https://rubygems.org/
  specs:
    activemodel (5.1.7)
      activesupport (= 5.1.7)
    activerecord (5.1.7)
      activemodel (= 5.1.7)
      activesupport (= 5.1.7)
      arel (~> 8.0)
    activesupport (5.1.7)
      concurrent-ruby (~> 1.0, >= 1.0.2)
      i18n (>= 0.7, < 2)
      minitest (~> 5.1)
      tzinfo (~> 1.1)
    arel (8.0.0)
    awesome_print (1.8.0)
    byebug (11.1.3)
    coderay (1.1.2)
    colorize (0.8.1)
    concurrent-ruby (1.1.6)
    coolline (0.5.0)
      unicode_utils (~> 1.4)
    database_cleaner (1.8.5)
    database_cleaner-active_record (1.8.0)
      activerecord
      database_cleaner (~> 1.8.0)
    diff-lcs (1.3)
    factory_bot (5.2.0)
      activesupport (>= 4.2.0)
    i18n (1.8.2)
      concurrent-ruby (~> 1.0)
    method_source (1.0.0)
    minitest (5.14.0)
    pry (0.13.1)
      coderay (~> 1.1)
      method_source (~> 1.0)
    pry-byebug (3.9.0)
      byebug (~> 11.0)
      pry (~> 0.13.0)
    pry-coolline (0.2.5)
      coolline (~> 0.5)
    rake (13.0.1)
    rspec (3.9.0)
      rspec-core (~> 3.9.0)
      rspec-expectations (~> 3.9.0)
      rspec-mocks (~> 3.9.0)
    rspec-core (3.9.2)
      rspec-support (~> 3.9.3)
    rspec-expectations (3.9.2)
      diff-lcs (>= 1.2.0, < 2.0)
      rspec-support (~> 3.9.0)
    rspec-mocks (3.9.1)
      diff-lcs (>= 1.2.0, < 2.0)
      rspec-support (~> 3.9.0)
    rspec-support (3.9.3)
    rufo (0.12.0)
    sqlite3 (1.4.2)
    thread_safe (0.3.6)
    tzinfo (1.2.7)
      thread_safe (~> 0.1)
    unicode_utils (1.4.0)

PLATFORMS
  ruby

DEPENDENCIES
  activerecord (~> 5.1.4)
  colorize
  database_cleaner-active_record
  factory_bot
  jazz_fingers!
  rake
  rspec
  rufo
  shoulda-matchers!
  sqlite3

BUNDLED WITH
   2.1.4
